GEM
  remote: https://rubygems.org/
  specs:
    colored (1.2)
    rubycards (0.0.4)
      colored (~> 1.2)

PLATFORMS
  ruby

DEPENDENCIES
  rubycards
